GEM
  remote: https://rubygems.org/
  specs:
    bubble-wrap (1.4.0)
    motion-yaml (1.2)
    rake (10.1.0)

PLATFORMS
  ruby

DEPENDENCIES
  bubble-wrap
  motion-yaml
  rake
